GEM
  remote: https://rubygems.org/
  specs:
    byebug (11.1.3)
    digest (3.0.0)
    open-uri (0.1.0)
    pg (1.2.3)
    rake (13.0.6)

PLATFORMS
  x86_64-linux

DEPENDENCIES
  byebug
  digest
  open-uri
  pg
  rake

RUBY VERSION
   ruby 2.7.2p137

BUNDLED WITH
   2.2.15
