GEM
  remote: https://rubygems.org/
  specs:
    byebug (11.1.3)
    coderay (1.1.3)
    method_source (1.0.0)
    open-uri (0.1.0)
    pg (1.2.3)
    pry (0.14.1)
      coderay (~> 1.1)
      method_source (~> 1.0)

PLATFORMS
  x86_64-linux

DEPENDENCIES
  byebug
  open-uri
  pg
  pry

RUBY VERSION
   ruby 2.7.2p137

BUNDLED WITH
   2.2.15
